GEM
  remote: https://rubygems.org/
  specs:
    ansi (1.5.0)
    builder (3.2.2)
    minitest (5.8.3)
    minitest-autotest (1.0.2)
      minitest-server (~> 1.0)
    minitest-reporters (1.1.7)
      ansi
      builder
      minitest (>= 5.0)
      ruby-progressbar
    minitest-server (1.0.3)
      minitest (~> 5.0)
    ruby-progressbar (1.7.5)
    shoulda-context (1.2.1)

PLATFORMS
  ruby

DEPENDENCIES
  minitest (~> 5.8.3)
  minitest-autotest (~> 1.0, >= 1.0.2)
  minitest-reporters (~> 1.1.7)
  shoulda-context (~> 1.2.1)

BUNDLED WITH
   1.11.2
