GEM
  remote: https://rubygems.org/
  specs:
    minitest (5.8.3)
    shoulda-context (1.2.1)

PLATFORMS
  ruby

DEPENDENCIES
  minitest
  shoulda-context

BUNDLED WITH
   1.11.2
